GEM
  remote: https://rubygems.org/
  specs:
    cpf_cnpj (0.2.1)

PLATFORMS
  x64-mingw-ucrt

DEPENDENCIES
  cpf_cnpj (~> 0.2.1)

BUNDLED WITH
   2.6.2
